GEM
  remote: https://rubygems.org/
  specs:
    addressable (2.4.0)
    desk_api (0.5.0)
      addressable
      faraday
      faraday_middleware
      hashie
      simple_oauth
    faraday (0.9.2)
      multipart-post (>= 1.2, < 3)
    faraday_middleware (0.10.0)
      faraday (>= 0.7.4, < 0.10)
    hashie (3.4.4)
    multipart-post (2.0.0)
    open_uri_redirections (0.1.4)
    rubyzip (1.1.0)
    simple_oauth (0.3.1)

PLATFORMS
  ruby

DEPENDENCIES
  desk_api (= 0.5.0)
  open_uri_redirections (= 0.1.4)
  rubyzip (= 1.1.0)

BUNDLED WITH
   1.11.2
